GEM
  remote: https://rubygems.org/
  specs:
    activesupport (4.0.0)
      i18n (~> 0.6, >= 0.6.4)
      minitest (~> 4.2)
      multi_json (~> 1.3)
      thread_safe (~> 0.1)
      tzinfo (~> 0.3.37)
    atomic (1.1.13-java)
    clockwork (0.6.0)
      activesupport
      tzinfo (~> 0.3.35)
    faraday (0.8.8)
      multipart-post (~> 1.2.0)
    i18n (0.6.5)
    jrubyfx (1.0.0-java)
      jrubyfx-fxmlloader (>= 0.2)
    jrubyfx-fxmlloader (0.2-java)
    minitest (4.7.5)
    multi_json (1.7.9)
    multipart-post (1.2.0)
    simple_oauth (0.2.0)
    thread_safe (0.1.2-java)
      atomic
    twitter (4.8.1)
      faraday (~> 0.8, < 0.10)
      multi_json (~> 1.0)
      simple_oauth (~> 0.2)
    tzinfo (0.3.37)

PLATFORMS
  java

DEPENDENCIES
  clockwork
  jrubyfx
  jrubyfx-fxmlloader
  twitter
